GEM
  remote: https://rubygems.org/
  specs:
    capistrano-node-deploy (1.2.14)
      multi_json (~> 1.3.6)
      railsless-deploy (>= 1.1.0)
    multi_json (1.3.7)
    railsless-deploy (1.1.3)

PLATFORMS
  ruby

DEPENDENCIES
  capistrano-node-deploy
